GEM
  remote: https://rubygems.org/
  specs:
    daemons (1.2.3)
    eventmachine (1.0.8)
    rack (1.6.4)
    rake (10.4.2)
    shotgun (0.8)
      rack (>= 1.0)
    sinatra (1.0)
      rack (>= 1.0)
    thin (1.6.3)
      daemons (~> 1.0, >= 1.0.9)
      eventmachine (~> 1.0)
      rack (~> 1.0)

PLATFORMS
  ruby

DEPENDENCIES
  rake
  shotgun (= 0.8)
  sinatra (= 1.0)
  thin
